GEM
  specs:
    awesome_print (1.2.0)
    heatmap (0.1.1)
    histogram (0.2.1.1)
    httparty (0.13.1)
      json (~> 1.8)
      multi_xml (>= 0.5.2)
    json (1.8.1)
    loggability (0.11.0)
    mini_portile (0.6.0)
    multi_xml (0.5.5)
    nokogiri (1.6.3.1)
      mini_portile (= 0.6.0)
    rake (10.3.2)
    sequel (3.48.0)
    sqlite3 (1.3.9)
    wordcloud (0.0.11)
    wordnet (1.0.0)
      loggability (~> 0.5)
      sequel (~> 3.38)
    wordnet-defaultdb (1.0.1)
      sqlite3 (~> 1.3)
      wordnet (~> 1.0.0.pre)
    words_counted (0.0.8)

PLATFORMS
  ruby

DEPENDENCIES
  awesome_print
  heatmap
  histogram
  httparty
  nokogiri
  rake
  wordcloud (~> 0.0.11)
  wordnet
  wordnet-defaultdb
  words_counted
